PATH
  remote: .
  specs:
    DurTool (0.1.0)

GEM
  remote: https://rubygems.org/
  specs:
    rake (10.5.0)

PLATFORMS
  ruby

DEPENDENCIES
  DurTool!
  bundler (~> 1.16.a)
  rake (~> 10.0)

BUNDLED WITH
   1.16.0.pre.3
